PATH
  remote: .
  specs:
    cmu_person (0.0.3)
      net-ldap

GEM
  remote: https://rubygems.org/
  specs:
    diff-lcs (1.2.4)
    net-ldap (0.11)
    rake (10.1.0)
    redcarpet (3.0.0)
    rspec (2.14.1)
      rspec-core (~> 2.14.0)
      rspec-expectations (~> 2.14.0)
      rspec-mocks (~> 2.14.0)
    rspec-core (2.14.6)
    rspec-expectations (2.14.3)
      diff-lcs (>= 1.1.3, < 2.0)
    rspec-mocks (2.14.4)
    yard (0.8.7.2)

PLATFORMS
  ruby

DEPENDENCIES
  cmu_person!
  rake
  redcarpet
  rspec
  yard
